GEM
  remote: https://rubygems.org/
  specs:
    certified (1.0.0)
    colored (1.2)
    console_view_helper (0.0.4)
      colored (= 1.2)
    google_maps_service (0.4.1)
      hurley (~> 0.1)
      multi_json (~> 1.11)
      retriable (~> 2.0)
    hurley (0.2)
    multi_json (1.12.1)
    retriable (2.1.0)

PLATFORMS
  x86-mingw32

DEPENDENCIES
  certified
  console_view_helper
  google_maps_service
